PATH
  remote: .
  specs:
    statikaj (0.0.3)
      builder
      kramdown
      thor

GEM
  remote: https://rubygems.org/
  specs:
    builder (3.2.2)
    kramdown (1.2.0)
    rake (10.1.0)
    thor (0.18.1)

PLATFORMS
  java
  ruby

DEPENDENCIES
  bundler (~> 1.3)
  rake
  statikaj!
