PATH
  remote: .
  specs:
    statikaj (0.0.4)
      builder
      kramdown
      thor

GEM
  remote: https://rubygems.org/
  specs:
    builder (3.2.2)
    coderay (1.0.9)
    kramdown (1.2.0)
    method_source (0.8.2)
    pry (0.9.12.2)
      coderay (~> 1.0.5)
      method_source (~> 0.8)
      slop (~> 3.4)
    rake (10.1.0)
    slop (3.4.6)
    thor (0.18.1)

PLATFORMS
  java
  ruby

DEPENDENCIES
  bundler (~> 1.3)
  pry
  rake
  statikaj!
